GEM
  remote: https://rubygems.org/
  specs:
    activesupport (7.1.0)
      base64
      bigdecimal
      concurrent-ruby (~> 1.0, >= 1.0.2)
      connection_pool (>= 2.2.5)
      drb
      i18n (>= 1.6, < 2)
      minitest (>= 5.1)
      mutex_m
      tzinfo (~> 2.0)
    aws-eventstream (1.3.0)
    aws-partitions (1.917.0)
    aws-sdk-cognitoidentityprovider (1.88.0)
      aws-sdk-core (~> 3, >= 3.191.0)
      aws-sigv4 (~> 1.1)
    aws-sdk-core (3.192.1)
      aws-eventstream (~> 1, >= 1.3.0)
      aws-partitions (~> 1, >= 1.651.0)
      aws-sigv4 (~> 1.8)
      jmespath (~> 1, >= 1.6.1)
    aws-sdk-lambda (1.118.0)
      aws-sdk-core (~> 3, >= 3.191.0)
      aws-sigv4 (~> 1.1)
    aws-sigv4 (1.8.0)
      aws-eventstream (~> 1, >= 1.0.2)
    base64 (0.1.1)
    bigdecimal (3.1.4)
    concurrent-ruby (1.2.2)
    connection_pool (2.4.1)
    dotenv (2.8.1)
    drb (2.1.1)
      ruby2_keywords
    faraday (2.7.11)
      base64
      faraday-net_http (>= 2.0, < 3.1)
      ruby2_keywords (>= 0.0.4)
    faraday-multipart (1.0.4)
      multipart-post (~> 2)
    faraday-net_http (3.0.2)
    i18n (1.14.1)
      concurrent-ruby (~> 1.0)
    img2zpl (1.0.1)
      mini_magick (~> 4.9)
    jmespath (1.6.2)
    labelary (0.5.0)
      activesupport
      faraday (>= 0.9, < 3)
      faraday-multipart
    mini_magick (4.12.0)
    minitest (5.20.0)
    multipart-post (2.3.0)
    mutex_m (0.1.2)
    nokogiri (1.16.4-arm64-darwin)
      racc (~> 1.4)
    nokogiri (1.16.4-x86_64-darwin)
      racc (~> 1.4)
    racc (1.7.3)
    rainbow (3.1.1)
    resolv (0.3.0)
    ruby2_keywords (0.0.5)
    ssdp (1.2.0)
    tzinfo (2.0.6)
      concurrent-ruby (~> 1.0)
    zebra-zpl (1.1.4)
      img2zpl (~> 1.0.0)
    zeroconf (1.0.0)
      resolv (~> 0.3.0)

PLATFORMS
  arm64-darwin-22
  arm64-darwin-24
  x86_64-darwin-22

DEPENDENCIES
  activesupport
  aws-sdk-cognitoidentityprovider
  aws-sdk-lambda
  dotenv
  labelary
  nokogiri
  rainbow
  ssdp
  zebra-zpl
  zeroconf

BUNDLED WITH
   2.4.19
